GIT
  remote: git://github.com/Vizzuality/rails-footnotes.git
  revision: 7dd2a1e02f924615a374485868774a0fa228c9c7
  specs:
    rails-footnotes (3.6.7)

GIT
  remote: git://github.com/Vizzuality/refinerycms-blog.git
  revision: 52f741bbc4b96e1229246ca6f9b18862ed713090
  specs:
    refinerycms-blog (1.0.rc13)
      filters_spam (~> 0.2)
      refinerycms (>= 0.9.7.13)

GIT
  remote: git://github.com/Vizzuality/refinerycms-events.git
  revision: e076f646d5b8a671d03bd0ab6895694c62eb9030
  specs:
    refinerycms-events (0.1)

GIT
  remote: git://github.com/Vizzuality/refinerycms-features.git
  revision: 6a52d158694f2f21e86ebe7ae9a72ec0b99f81a1
  specs:
    refinerycms-features (0.2)

GIT
  remote: git://github.com/Vizzuality/refinerycms-galleries.git
  revision: c3ba402ec0cf28788a1441bcf1b8478535fb64e3
  specs:
    refinerycms-galleries (0.4)

GIT
  remote: git://github.com/ferblape/postgis_adapter.git
  revision: e85ca1be881e2df4396da5c4482337ab05f6a85d
  specs:
    ppe-postgis-adapter (0.7.8)

GEM
  remote: http://rubygems.org/
  specs:
    abstract (1.0.0)
    actionmailer (3.0.0)
      actionpack (= 3.0.0)
      mail (~> 2.2.5)
    actionpack (3.0.0)
      activemodel (= 3.0.0)
      activesupport (= 3.0.0)
      builder (~> 2.1.2)
      erubis (~> 2.6.6)
      i18n (~> 0.4.1)
      rack (~> 1.2.1)
      rack-mount (~> 0.6.12)
      rack-test (~> 0.5.4)
      tzinfo (~> 0.3.23)
    activemodel (3.0.0)
      activesupport (= 3.0.0)
      builder (~> 2.1.2)
      i18n (~> 0.4.1)
    activerecord (3.0.0)
      activemodel (= 3.0.0)
      activesupport (= 3.0.0)
      arel (~> 1.0.0)
      tzinfo (~> 0.3.23)
    activeresource (3.0.0)
      activemodel (= 3.0.0)
      activesupport (= 3.0.0)
    activesupport (3.0.0)
    acts_as_indexed (0.6.6)
    arel (1.0.1)
      activesupport (~> 3.0.0)
    authlogic (2.1.6)
      activesupport
    babosa (0.2.0)
    builder (2.1.2)
    capistrano (2.5.19)
      highline
      net-scp (>= 1.0.0)
      net-sftp (>= 2.0.0)
      net-ssh (>= 2.0.14)
      net-ssh-gateway (>= 1.0.0)
    capistrano-ext (1.2.1)
      capistrano (>= 1.0.0)
    columnize (0.3.1)
    dragonfly (0.7.6)
      rack
    erubis (2.6.6)
      abstract (>= 1.0.0)
    filters_spam (0.3)
    friendly_id (3.1.7)
      babosa (~> 0.2.0)
    highline (1.6.1)
    i18n (0.4.1)
    linecache (0.43)
    mail (2.2.7)
      activesupport (>= 2.3.6)
      mime-types
      treetop (>= 1.4.5)
    mime-types (1.16)
    moretea-awesome_nested_set (1.4.3.1)
      activerecord (~> 3.0.0)
    net-scp (1.0.4)
      net-ssh (>= 1.99.1)
    net-sftp (2.0.5)
      net-ssh (>= 2.0.9)
    net-ssh (2.0.23)
    net-ssh-gateway (1.0.1)
      net-ssh (>= 1.99.1)
    nofxx-georuby (1.7.3)
    pg (0.9.0)
    polyglot (0.3.1)
    rack (1.2.1)
    rack-cache (0.5.3)
      rack (>= 0.4)
    rack-mount (0.6.13)
      rack (>= 1.0.0)
    rack-test (0.5.6)
      rack (>= 1.0)
    rails (3.0.0)
      actionmailer (= 3.0.0)
      actionpack (= 3.0.0)
      activerecord (= 3.0.0)
      activeresource (= 3.0.0)
      activesupport (= 3.0.0)
      bundler (~> 1.0.0)
      railties (= 3.0.0)
    railties (3.0.0)
      actionpack (= 3.0.0)
      activesupport (= 3.0.0)
      rake (>= 0.8.4)
      thor (~> 0.14.0)
    rake (0.8.7)
    refinerycms (0.9.8.5)
      acts_as_indexed (~> 0.6.6)
      authlogic (~> 2.1.6)
      bundler (~> 1.0.0)
      dragonfly (~> 0.7.5)
      friendly_id (~> 3.1.6)
      moretea-awesome_nested_set (= 1.4.3.1)
      rack-cache (~> 0.5.2)
      rails (~> 3.0.0)
      truncate_html (= 0.4)
      will_paginate (~> 3.0.pre)
    refinerycms-i18n (0.9.8.7)
      refinerycms (>= 0.9.8)
      routing-filter (~> 0.1.6)
    refinerycms-inquiries (0.9.8.4)
      filters_spam (~> 0.1)
    rmagick (2.12.2)
    routing-filter (0.1.7)
      actionpack
    ruby-debug (0.10.3)
      columnize (>= 0.1)
      ruby-debug-base (~> 0.10.3.0)
    ruby-debug-base (0.10.3)
      linecache (>= 0.3)
    thor (0.14.3)
    treetop (1.4.8)
      polyglot (>= 0.3.1)
    truncate_html (0.4.0)
    tzinfo (0.3.23)
    will_paginate (3.0.pre2)

PLATFORMS
  ruby

DEPENDENCIES
  capistrano
  capistrano-ext
  nofxx-georuby
  pg (= 0.9.0)
  ppe-postgis-adapter!
  rails (= 3.0.0)
  rails-footnotes!
  refinerycms (= 0.9.8.5)
  refinerycms-blog (~> 1.0.rc12)!
  refinerycms-events (= 0.1)!
  refinerycms-features (= 0.2)!
  refinerycms-galleries (= 0.4)!
  refinerycms-i18n (= 0.9.8.7)
  refinerycms-inquiries (= 0.9.8.4)
  rmagick (~> 2.12.0)
  ruby-debug
